PATH
  remote: .
  specs:
    vimprint (0.0.1)
      nokogiri (~> 1.5)

GEM
  remote: http://rubygems.org/
  specs:
    nokogiri (1.5.8)
    rake (10.0.3)

PLATFORMS
  ruby

DEPENDENCIES
  rake
  vimprint!
